GEM
  remote: http://rubygems.org/
  specs:
    abstract (1.0.0)
    actionmailer (3.0.0)
      actionpack (= 3.0.0)
      mail (~> 2.2.5)
    actionpack (3.0.0)
      activemodel (= 3.0.0)
      activesupport (= 3.0.0)
      builder (~> 2.1.2)
      erubis (~> 2.6.6)
      i18n (~> 0.4.1)
      rack (~> 1.2.1)
      rack-mount (~> 0.6.12)
      rack-test (~> 0.5.4)
      tzinfo (~> 0.3.23)
    activemodel (3.0.0)
      activesupport (= 3.0.0)
      builder (~> 2.1.2)
      i18n (~> 0.4.1)
    activerecord (3.0.0)
      activemodel (= 3.0.0)
      activesupport (= 3.0.0)
      arel (~> 1.0.0)
      tzinfo (~> 0.3.23)
    activeresource (3.0.0)
      activemodel (= 3.0.0)
      activesupport (= 3.0.0)
    activesupport (3.0.0)
    addressable (2.2.2)
    arel (1.0.1)
      activesupport (~> 3.0.0)
    aws-s3 (0.6.2)
      builder
      mime-types
      xml-simple
    bcrypt-ruby (2.1.2)
    builder (2.1.2)
    daemons (1.0.10)
    devise (1.1.3)
      bcrypt-ruby (~> 2.1.2)
      warden (~> 0.10.7)
    enumerated_attribute (0.2.16)
      meta_programming (>= 0.2.1)
    erubis (2.6.6)
      abstract (>= 1.0.0)
    faraday (0.4.6)
      addressable (>= 2.1.1)
      rack (>= 1.0.1)
    fast_gettext (0.5.10)
    ffaker (0.4.0)
    gem_plugin (0.2.3)
    gettext (2.1.0)
      locale (>= 2.0.5)
    gettext_i18n_rails (0.2.9)
      fast_gettext
    i18n (0.4.1)
    jquery-rails (0.2.4)
      rails (~> 3.0)
    locale (2.0.5)
    machinist (1.0.6)
    mail (2.2.7)
      activesupport (>= 2.3.6)
      mime-types
      treetop (>= 1.4.5)
    meta_programming (0.2.2)
    mime-types (1.16)
    mocha (0.9.9)
      rake
    mongrel (1.2.0.pre2)
      daemons (~> 1.0.10)
      gem_plugin (~> 0.2.3)
    mongrel (1.2.0.pre2-x86-mingw32)
      gem_plugin (~> 0.2.3)
    mongrel_cluster (1.0.5)
      gem_plugin (>= 0.2.3)
      mongrel (>= 1.0.2)
    multi_json (0.0.4)
    net-ldap (0.1.1)
    nokogiri (1.4.3.1)
    nokogiri (1.4.3.1-x86-mingw32)
    oa-basic (0.1.5)
      multi_json (~> 0.0.2)
      nokogiri (~> 1.4.2)
      oa-core (= 0.1.5)
      rest-client (~> 1.6.0)
    oa-core (0.1.5)
      rack (~> 1.1)
    oa-enterprise (0.1.5)
      net-ldap (~> 0.1.1)
      nokogiri (~> 1.4.2)
      oa-core (= 0.1.5)
      pyu-ruby-sasl (~> 0.0.3.1)
      rubyntlm (~> 0.1.1)
    oa-oauth (0.1.5)
      multi_json (~> 0.0.2)
      nokogiri (~> 1.4.2)
      oa-core (= 0.1.5)
      oauth (~> 0.4.0)
      oauth2 (~> 0.0.10)
    oa-openid (0.1.5)
      oa-core (= 0.1.5)
      rack-openid (~> 1.1.1)
      ruby-openid-apps-discovery
    oauth (0.4.3)
    oauth2 (0.0.13)
      faraday (~> 0.4.1)
      multi_json (>= 0.0.4)
    omniauth (0.1.5)
      oa-basic (= 0.1.5)
      oa-core (= 0.1.5)
      oa-enterprise (= 0.1.5)
      oa-oauth (= 0.1.5)
      oa-openid (= 0.1.5)
    paperclip (2.3.5)
      activerecord
      activesupport
    pg (0.9.0)
    pg (0.9.0-x86-mingw32)
    polyglot (0.3.1)
    pyu-ruby-sasl (0.0.3.2)
    rack (1.2.1)
    rack-mount (0.6.13)
      rack (>= 1.0.0)
    rack-openid (1.1.2)
      rack (>= 0.4)
      ruby-openid (>= 2.0.3)
    rack-test (0.5.6)
      rack (>= 1.0)
    rails (3.0.0)
      actionmailer (= 3.0.0)
      actionpack (= 3.0.0)
      activerecord (= 3.0.0)
      activeresource (= 3.0.0)
      activesupport (= 3.0.0)
      bundler (~> 1.0.0)
      railties (= 3.0.0)
    rails3-generators (0.14.0)
    railties (3.0.0)
      actionpack (= 3.0.0)
      activesupport (= 3.0.0)
      rake (>= 0.8.4)
      thor (~> 0.14.0)
    rake (0.8.7)
    rest-client (1.6.1)
      mime-types (>= 1.16)
    ruby-openid (2.1.8)
    ruby-openid-apps-discovery (1.2.0)
      ruby-openid (>= 2.1.7)
    rubyntlm (0.1.1)
    single_test (0.3.7)
    texticle (1.0.4.20101004123327)
    thor (0.14.3)
    treetop (1.4.8)
      polyglot (>= 0.3.1)
    tzinfo (0.3.23)
    warden (0.10.7)
      rack (>= 1.0.0)
    will_paginate (2.3.15)
    xml-simple (1.0.12)

PLATFORMS
  ruby
  x86-mingw32

DEPENDENCIES
  aws-s3
  devise
  enumerated_attribute
  ffaker
  gettext (>= 1.9.3)
  gettext_i18n_rails
  jquery-rails
  machinist
  mocha
  mongrel
  mongrel_cluster
  omniauth
  paperclip
  pg
  rails (>= 3.0.0)
  rails3-generators
  single_test
  texticle
  will_paginate
